GEM
  remote: http://rubygems.org/
  specs:
    activemodel (3.0.0)
      activesupport (= 3.0.0)
      builder (~> 2.1.2)
      i18n (~> 0.4.1)
    activerecord (3.0.0)
      activemodel (= 3.0.0)
      activesupport (= 3.0.0)
      arel (~> 1.0.0)
      tzinfo (~> 0.3.23)
    activesupport (3.0.0)
    arel (1.0.1)
      activesupport (~> 3.0.0)
    builder (2.1.2)
    haml (3.0.18)
    i18n (0.4.1)
    mysql (2.8.1)
    rack (1.2.1)
    sinatra (1.0)
      rack (>= 1.0)
    sinatra-activerecord (0.1.2)
      sinatra (>= 0.9.4)
    sinatra-content-for (0.2)
      sinatra
    tzinfo (0.3.23)

PLATFORMS
  ruby

DEPENDENCIES
  activerecord
  arel
  haml
  mysql
  rack (~> 1.2.1)
  sinatra
  sinatra-activerecord
  sinatra-content-for
